GEM
  remote: http://rubygems.org/
  specs:
    RedCloth (4.2.8)
    coderay (0.9.8)
    daemons (1.1.4)
    eventmachine (0.12.10)
    haml (3.1.3)
    maruku (0.6.0)
      syntax (>= 1.0.0)
    mini_portile2 (2.4.0)
    nesta (0.9.10)
      RedCloth (~> 4.2)
      haml (~> 3.1)
      maruku (>= 0.6.0)
      sass (~> 3.1)
      shotgun (>= 0.8)
      sinatra (= 1.2.6)
    nokogiri (1.10.4)
      mini_portile2 (~> 2.4.0)
    open4 (0.9.6)
    rack (1.2.3)
    rack-codehighlighter (0.5.0)
      nokogiri (>= 1.4.1)
      rack (>= 1.0.0)
    rake (0.8.7)
    rake-remote_task (2.0.4)
      open4 (~> 0.9.0)
      rake (~> 0.8)
    sass (3.1.7)
    shotgun (0.9)
      rack (>= 1.0)
    sinatra (1.2.6)
      rack (~> 1.1)
      tilt (>= 1.2.2, < 2.0)
    syntax (1.0.0)
    thin (1.2.11)
      daemons (>= 1.0.9)
      eventmachine (>= 0.12.6)
      rack (>= 1.0.0)
    tilt (1.3.3)
    vlad (2.1.0)
      open4 (~> 0.9.0)
      rake (~> 0.8.0)
      rake-remote_task (~> 2.0)
    vlad-git (2.2.0)
      vlad (>= 2.1.0)

PLATFORMS
  ruby

DEPENDENCIES
  coderay
  nesta (= 0.9.10)
  rack (= 1.2.3)
  rack-codehighlighter
  thin
  vlad (= 2.1.0)
  vlad-git (= 2.2.0)
