GEM
  remote: http://rubygems.org/
  specs:
    RedCloth (4.2.2)
    builder (2.1.2)
    haml (3.0.12)
    maruku (0.6.0)
      syntax (>= 1.0.0)
    nesta (0.9.0)
      RedCloth (= 4.2.2)
      builder (= 2.1.2)
      haml (= 3.0.12)
      maruku (= 0.6.0)
      shotgun (>= 0.8)
      sinatra (= 1.1.0)
    open4 (0.9.6)
    rack (1.2.1)
    rake (0.8.7)
    rake-remote_task (2.0.2)
      open4 (~> 0.9.0)
      rake (~> 0.8.0)
    shotgun (0.8)
      rack (>= 1.0)
    sinatra (1.1.0)
      rack (~> 1.1)
      tilt (~> 1.1)
    syntax (1.0.0)
    tilt (1.1)
    vlad (2.1.0)
      open4 (~> 0.9.0)
      rake (~> 0.8.0)
      rake-remote_task (~> 2.0)
    vlad-git (2.2.0)
      vlad (>= 2.1.0)

PLATFORMS
  ruby

DEPENDENCIES
  nesta (= 0.9.0)
  vlad (= 2.1.0)
  vlad-git (= 2.2.0)
